GEM
  remote: https://rubygems.org/
  specs:
    concurrent-ruby (0.9.2)
    hamster (2.0.0)
      concurrent-ruby (~> 0.8)

PLATFORMS
  ruby

DEPENDENCIES
  hamster

BUNDLED WITH
   1.10.6
